GEM
  remote: https://rubygems.org/
  specs:
    Ascii85 (1.0.2)
    actionmailer (3.2.19)
      actionpack (= 3.2.19)
      mail (~> 2.5.4)
    actionpack (3.2.19)
      activemodel (= 3.2.19)
      activesupport (= 3.2.19)
      builder (~> 3.0.0)
      erubis (~> 2.7.0)
      journey (~> 1.0.4)
      rack (~> 1.4.5)
      rack-cache (~> 1.2)
      rack-test (~> 0.6.1)
      sprockets (~> 2.2.1)
    activemodel (3.2.19)
      activesupport (= 3.2.19)
      builder (~> 3.0.0)
    activerecord (3.2.19)
      activemodel (= 3.2.19)
      activesupport (= 3.2.19)
      arel (~> 3.0.2)
      tzinfo (~> 0.3.29)
    activerecord-jdbc-adapter (1.3.9)
      activerecord (>= 2.2)
    activerecord-jdbcpostgresql-adapter (1.3.9)
      activerecord-jdbc-adapter (~> 1.3.9)
      jdbc-postgres (>= 9.1)
    activerecord-jdbcsqlite3-adapter (1.3.9)
      activerecord-jdbc-adapter (~> 1.3.9)
      jdbc-sqlite3 (~> 3.7.2)
    activeresource (3.2.19)
      activemodel (= 3.2.19)
      activesupport (= 3.2.19)
    activesupport (3.2.19)
      i18n (~> 0.6, >= 0.6.4)
      multi_json (~> 1.0)
    afm (0.2.2)
    api_smith (1.2.0)
      hashie (~> 1.0)
      httparty
      net-http-persistent
    arel (3.0.3)
    attr_encrypted (1.3.2)
      encryptor (>= 1.3.0)
    bugsnag (1.8.2)
      httparty (>= 0.6, < 1.0)
      multi_json (~> 1.0)
    builder (3.0.4)
    domain_name (0.5.10)
      unf (>= 0.0.5, < 1.0.0)
    encryptor (1.3.0)
    erubis (2.7.0)
    hashery (2.1.1)
    hashie (1.2.0)
    hike (1.2.3)
    httparty (0.11.0)
      multi_json (~> 1.0)
      multi_xml (>= 0.5.2)
    i18n (0.6.11)
    jdbc-postgres (9.3.1101)
    jdbc-sqlite3 (3.7.2.1)
    journey (1.0.4)
    jruby-openssl (0.9.5-java)
    json (1.8.1)
    json (1.8.1-java)
    mail (2.5.4)
      mime-types (~> 1.16)
      treetop (~> 1.4.8)
    mechanize (2.6.0)
      domain_name (~> 0.5, >= 0.5.1)
      mime-types (~> 1.17, >= 1.17.2)
      net-http-digest_auth (~> 1.1, >= 1.1.1)
      net-http-persistent (~> 2.5, >= 2.5.2)
      nokogiri (~> 1.4)
      ntlm-http (~> 0.1, >= 0.1.1)
      webrobots (>= 0.0.9, < 0.2)
    mime-types (1.25.1)
    moneta (0.7.15)
    multi_json (1.10.1)
    multi_xml (0.5.3)
    net-http-digest_auth (1.3)
    net-http-persistent (2.8)
    newrelic_rpm (3.9.0.229)
    nokogiri (1.5.9)
    nokogiri (1.5.9-java)
    ntlm-http (0.1.1)
    pdf-reader (1.3.3)
      Ascii85 (~> 1.0.0)
      afm (~> 0.2.0)
      hashery (~> 2.0)
      ruby-rc4
      ttfunk
    polyglot (0.3.5)
    puma (2.9.0-java)
      rack (>= 1.1, < 2.0)
    rack (1.4.5)
    rack-cache (1.2)
      rack (>= 0.4)
    rack-ssl (1.3.4)
      rack
    rack-test (0.6.2)
      rack (>= 1.0)
    rails (3.2.19)
      actionmailer (= 3.2.19)
      actionpack (= 3.2.19)
      activerecord (= 3.2.19)
      activeresource (= 3.2.19)
      activesupport (= 3.2.19)
      bundler (~> 1.0)
      railties (= 3.2.19)
    rails-api (0.1.0)
      actionpack (>= 3.2.11)
      railties (>= 3.2.11)
      tzinfo (~> 0.3.31)
    railties (3.2.19)
      actionpack (= 3.2.19)
      activesupport (= 3.2.19)
      rack-ssl (~> 1.3.2)
      rake (>= 0.8.7)
      rdoc (~> 3.4)
      thor (>= 0.14.6, < 2.0)
    rake (10.3.2)
    rdoc (3.12.2)
      json (~> 1.4)
    rocket_pants (1.7.0)
      actionpack (>= 3.0, < 5.0)
      api_smith
      hashie (~> 1.0)
      moneta
      railties (>= 3.0, < 5.0)
      will_paginate (~> 3.0)
    rocket_pants-rpm (2.0.0)
    ruby-rc4 (0.1.5)
    sprockets (2.2.2)
      hike (~> 1.2)
      multi_json (~> 1.0)
      rack (~> 1.0)
      tilt (~> 1.1, != 1.3.0)
    thor (0.19.1)
    tilt (1.4.1)
    treetop (1.4.15)
      polyglot
      polyglot
      polyglot
      polyglot
      polyglot
      polyglot
      polyglot
      polyglot
      polyglot
      polyglot (>= 0.3.1)
      polyglot (>= 0.3.1)
      polyglot (>= 0.3.1)
      polyglot (>= 0.3.1)
      polyglot (>= 0.3.1)
      polyglot (>= 0.3.1)
      polyglot (>= 0.3.1)
      polyglot (>= 0.3.1)
      polyglot (>= 0.3.1)
      polyglot (>= 0.3.1)
    ttfunk (1.2.0)
    tzinfo (0.3.40)
    unf (0.1.1)
      unf_ext
    unf (0.1.1-java)
    unf_ext (0.0.6)
    webrobots (0.1.1)
    will_paginate (3.0.4)

PLATFORMS
  java

DEPENDENCIES
  activerecord-jdbc-adapter
  activerecord-jdbcpostgresql-adapter
  activerecord-jdbcsqlite3-adapter
  api_smith
  attr_encrypted
  bugsnag
  jruby-openssl
  mechanize
  newrelic_rpm
  pdf-reader
  puma
  rails (~> 3)
  rails-api
  rocket_pants
  rocket_pants-rpm
